GEM
  remote: https://rubygems.org/
  specs:
    rjb (1.5.9)

PLATFORMS
  ruby

DEPENDENCIES
  rjb (~> 1.5, >= 1.5.9)!

BUNDLED WITH
   2.0.1
